GEM
  remote: https://rubygems.org/
  specs:
    coderay (1.1.3)
    method_source (1.0.0)
    mini_portile2 (2.4.0)
    nokogiri (1.10.10)
      mini_portile2 (~> 2.4.0)
    pry (0.13.1)
      coderay (~> 1.1)
      method_source (~> 1.0)
    rake (13.0.1)
    rubysl-open-uri (2.0.0)

PLATFORMS
  ruby

DEPENDENCIES
  coderay (~> 1.1)
  nokogiri (~> 1.10)
  pry (~> 0.13.1)
  rake (~> 13.0)
  rubysl-open-uri (~> 2.0)

BUNDLED WITH
   2.1.4
